GEM
  remote: http://rubygems.org/
  specs:
    compass (0.10.6)
      haml (>= 3.0.4)
    daemons (1.1.2)
    eventmachine (0.12.10)
    haml (3.0.25)
    osc-ruby (0.7.0)
    rack (1.2.2)
    ruby-graphviz (0.9.21)
    shoulda (2.11.3)
    sinatra (1.2.3)
      rack (~> 1.1)
      tilt (>= 1.2.2, < 2.0)
    thin (1.2.11)
      daemons (>= 1.0.9)
      eventmachine (>= 0.12.6)
      rack (>= 1.0.0)
    tilt (1.2.2)

PLATFORMS
  ruby

DEPENDENCIES
  compass (= 0.10.6)
  haml (= 3.0.25)
  osc-ruby (= 0.7.0)
  ruby-graphviz (= 0.9.21)
  shoulda (= 2.11.3)
  sinatra (= 1.2.3)
  thin (= 1.2.11)
